GEM
  remote: https://rubygems.org/
  specs:
    bitters (1.0.0)
      bourbon (>= 3.2)
      sass (>= 3.2)
      thor
    bourbon (4.2.3)
      sass (~> 3.4)
      thor
    neat (1.7.2)
      bourbon (>= 4.0)
      sass (>= 3.3)
    sass (3.4.16)
    thor (0.19.1)

PLATFORMS
  ruby

DEPENDENCIES
  bitters
  bourbon
  neat
  sass

BUNDLED WITH
   1.10.1
